GEM
  remote: https://rubygems.org/
  specs:
    ast (1.1.0)
    awesome_print (1.2.0)
    faraday (0.8.9)
      multipart-post (~> 1.2.0)
    faraday_middleware (0.9.0)
      faraday (>= 0.7.4, < 0.9)
    json (1.8.1)
    multi_xml (0.5.5)
    multipart-post (1.2.0)
    parser (2.1.7)
      ast (~> 1.1)
      slop (~> 3.4, >= 3.4.5)
    powerpack (0.0.9)
    rainbow (2.0.0)
    rubocop (0.19.0)
      json (>= 1.7.7, < 2)
      parser (~> 2.1.7)
      powerpack (~> 0.0.6)
      rainbow (>= 1.99.1, < 3.0)
      ruby-progressbar (~> 1.4)
    ruby-progressbar (1.4.2)
    slop (3.5.0)

PLATFORMS
  ruby

DEPENDENCIES
  awesome_print
  faraday
  faraday_middleware
  multi_xml
  rubocop
