GEM
  remote: https://rubygems.org/
  specs:
    awesome_print (1.1.0)
    faraday (0.8.8)
      multipart-post (~> 1.2.0)
    faraday_middleware (0.9.0)
      faraday (>= 0.7.4, < 0.9)
    multi_xml (0.5.3)
    multipart-post (1.2.0)

PLATFORMS
  ruby

DEPENDENCIES
  awesome_print
  faraday
  faraday_middleware
  multi_xml
